GEM
  remote: http://rubygems.org/
  specs:
    activesupport (3.0.3)
    configuration (1.2.0)
    diff-lcs (1.1.2)
    guard (0.3.0)
      open_gem (~> 1.4.2)
      thor (~> 0.14.6)
    guard-rspec (0.1.9)
      guard (>= 0.2.2)
    i18n (0.4.1)
    launchy (0.3.7)
      configuration (>= 0.0.5)
      rake (>= 0.8.1)
    open_gem (1.4.2)
      launchy (~> 0.3.5)
    rake (0.8.7)
    rspec (2.4.0)
      rspec-core (~> 2.4.0)
      rspec-expectations (~> 2.4.0)
      rspec-mocks (~> 2.4.0)
    rspec-core (2.4.0)
    rspec-expectations (2.4.0)
      diff-lcs (~> 1.1.2)
    rspec-mocks (2.4.0)
    thor (0.14.6)
    yard (0.6.4)

PLATFORMS
  ruby

DEPENDENCIES
  activesupport (~> 3.0.3)
  guard
  guard-rspec
  i18n
  rspec (~> 2.4)
  yard
