GEM
  remote: http://rubygems.org/
  specs:
    activesupport (3.0.0.rc)
    diff-lcs (1.1.2)
    i18n (0.4.1)
    rspec (2.0.0.beta.20)
      rspec-core (= 2.0.0.beta.20)
      rspec-expectations (= 2.0.0.beta.20)
      rspec-mocks (= 2.0.0.beta.20)
    rspec-core (2.0.0.beta.20)
    rspec-expectations (2.0.0.beta.20)
      diff-lcs (>= 1.1.2)
    rspec-mocks (2.0.0.beta.20)

PLATFORMS
  ruby

DEPENDENCIES
  activesupport (~> 3.0)
  i18n
  rspec (~> 2.0.0.beta.20)
